PATH
  remote: .
  specs:
    kicker (2.6.0)
      listen

GEM
  remote: http://rubygems.org/
  specs:
    activesupport (3.2.6)
      i18n (~> 0.6)
      multi_json (~> 1.0)
    ffi (1.0.11)
    i18n (0.6.0)
    json (1.7.3)
    listen (0.4.7)
      rb-fchange (~> 0.0.5)
      rb-fsevent (~> 0.9.1)
      rb-inotify (~> 0.8.8)
    metaclass (0.0.1)
    mocha (0.11.4)
      metaclass (~> 0.0.1)
    multi_json (1.3.6)
    rake (0.9.2.2)
    rb-fchange (0.0.5)
      ffi
    rb-fsevent (0.9.1)
    rb-inotify (0.8.8)
      ffi (>= 0.5.0)
    rdoc (3.12)
      json (~> 1.4)
    terminal-notifier (~> 1.4.0)
    test-spec (0.10.0)
    test-unit (2.5.0)

PLATFORMS
  ruby

DEPENDENCIES
  activesupport
  kicker!
  mocha
  rake
  rdoc
  terminal-notifier
  test-spec
  test-unit
